GEM
  remote: https://rubygems.org/
  specs:
    activesupport (7.0.1)
      i18n (~> 1.8.11)
      json (>= 2.6.1)
      minitest (~> 5.15.0)
      thread_safe (~> 0.3, >= 0.3.6)
      tzinfo (~> 2.0.4)
    addressable (2.8.0)
    coffee-script (2.4.1)
      coffee-script-source
      execjs
    coffee-script-source (1.12.2)
    colorator (1.1.0)
    ethon (0.15.0)
      ffi (>= 1.15.5)
    execjs (2.8.1)
    faraday (2.1.0)
      multipart-post (>= 2.1.1, < 3)
    ffi (1.15.5)
    forwardable-extended (2.6.0)
    gemoji (3.0.1)
    github-pages (223)
      activesupport (= 7.0.1)
      github-pages-health-check (= 1.17.9)
      jekyll (= 4.2.1)
      jekyll-avatar (= 0.7.0)
      jekyll-coffeescript (= 2.0.0)
      jekyll-feed (= 0.16.0)
      jekyll-gist (= 1.5.0)
      jekyll-github-metadata (= 2.13.0)
      jekyll-mentions (= 1.6.0)
      jekyll-paginate (= 1.1.0)
      jekyll-redirect-from (= 0.16.0)
      jekyll-relative-links (= 0.6.1)
      jekyll-sass-converter (= 2.1.0)
      jekyll-seo-tag (= 2.7.1)
      jekyll-sitemap (= 1.4.0)
      jekyll-swiss (= 1.0.0)
      jemoji (= 0.12.0)
      kramdown (>= 2.3.1)
      liquid (= 5.1.0)
      listen (= 3.7.1)
      mercenary (~> 0.4)
      minima (= 2.5.1)
      rouge (= 3.27.0)
      terminal-table (~> 3.0)
    github-pages-health-check (1.17.9)
      addressable (~> 2.3)
      net-dns (~> 0.8)
      octokit (~> 4.0)
      public_suffix (~> 1.4)
      typhoeus (~> 0.7)
    html-pipeline (2.14.0)
      activesupport (>= 7.0.1)
      nokogiri (>= 1.13.1)
    i18n (1.8.11)
    jekyll (4.2.1)
      addressable (~> 2.4)
      colorator (~> 1.0)
      jekyll-sass-converter (~> 1.0)
      jekyll-watch (~> 1.1)
      kramdown (~> 2.3.1)
      liquid (~> 3.0)
      mercenary (~> 0.3.3)
      pathutil (~> 0.9)
      rouge (~> 1.7)
      safe_yaml (~> 1.0)
    jekyll-avatar (0.7.0)
      jekyll (~> 3.0)
    jekyll-coffeescript (2.0.0)
      coffee-script (~> 2.2)
    jekyll-feed (0.16.0)
      jekyll (~> 3.3)
    jekyll-gist (1.5.0)
      octokit (~> 4.2)
    jekyll-github-metadata (2.13.0)
      jekyll (~> 3.1)
      octokit (~> 4.0, != 4.4.0)
    jekyll-mentions (1.6.0)
      activesupport (~> 4.0)
      html-pipeline (~> 2.3)
      jekyll (~> 3.0)
    jekyll-paginate (1.1.0)
    jekyll-redirect-from (0.16.0)
      jekyll (>= 2.0)
    jekyll-relative-links (0.6.1)
      jekyll (~> 3.3)
    jekyll-sass-converter (2.1.0)
      sass (~> 3.2)
    jekyll-seo-tag (2.7.1)
      jekyll (~> 3.3)
    jekyll-sitemap (1.4.0)
      jekyll (~> 3.3)
    jekyll-swiss (1.0.0)
    jekyll-watch (2.2.1)
      listen (~> 3.0, < 3.1)
    jemoji (0.12.0)
      activesupport (~> 4.0)
      gemoji (~> 2.0)
      html-pipeline (~> 2.2)
      jekyll (>= 3.0)
    json (>= 2.6.1)
    kramdown (>=2.3.1)
    liquid (5.1.0)
    listen (3.7.1)
      rb-fsevent (>= 0.9.3)
      rb-inotify (>= 0.9.7)
    mercenary (0.4.0)
    mini_portile2 (2.7.1)
    minima (2.5.1)
    minitest (5.15.0)
    multipart-post (2.1.1)
    net-dns (0.9.0)
    nokogiri (1.13.1)
      mini_portile2 (~> 2.1.0)
    octokit (4.22.0)
      sawyer (~> 0.8.0, >= 0.8.2)
    pathutil (0.16.2)
      forwardable-extended (~> 2.6)
    public_suffix (4.0.6)
    rb-fsevent (0.11.0)
    rb-inotify (0.10.1)
      ffi (>= 0.5.0)
    rouge (3.27.0)
    safe_yaml (1.0.5)
    sass (3.7.4)
    sawyer (0.8.2)
      addressable (>= 2.3.5, < 2.6)
      faraday (~> 0.8, < 1.0)
    terminal-table (3.0.2)
      unicode-display_width (~> 1.1.1)
    thread_safe (0.3.6)
    typhoeus (1.4.0)
      ethon (>= 0.15.0)
    tzinfo (2.0.4)
      thread_safe (~> 0.1)
    unicode-display_width (2.1.0)

PLATFORMS
  ruby
  x64-mingw32

DEPENDENCIES
  github-pages (= 223)
  jekyll-paginate

BUNDLED WITH
   1.13.6
